GEM
  remote: https://rubygems.org/
  specs:
    addressable (2.3.5)
    backports (3.3.5)
    capybara (2.1.0)
      mime-types (>= 1.16)
      nokogiri (>= 1.3.3)
      rack (>= 1.0.0)
      rack-test (>= 0.5.4)
      xpath (~> 2.0)
    capybara-webkit (1.0.0)
      capybara (~> 2.0, >= 2.0.2)
      json
    capybara_minitest_spec (1.0.0)
      capybara (>= 2)
      minitest (>= 2)
    chronic (0.10.2)
    coderay (1.0.9)
    crack (0.4.1)
      safe_yaml (~> 0.9.0)
    haml (4.0.3)
      tilt
    httparty (0.12.0)
      json (~> 1.8)
      multi_xml (>= 0.5.2)
    json (1.8.0)
    kronic (1.1.3)
    launchy (2.2.0)
      addressable (~> 2.3)
    method_source (0.8.1)
    mime-types (1.25)
    mini_portile (0.5.1)
    minitest (5.0.8)
    multi_json (1.8.2)
    multi_xml (0.5.5)
    nokogiri (1.6.0)
      mini_portile (~> 0.5.0)
    pry (0.9.12.2)
      coderay (~> 1.0.5)
      method_source (~> 0.8)
      slop (~> 3.4)
    rack (1.5.2)
    rack-protection (1.5.0)
      rack
    rack-test (0.6.2)
      rack (>= 1.0)
    rake (10.1.0)
    safe_yaml (0.9.7)
    sinatra (1.4.3)
      rack (~> 1.4)
      rack-protection (~> 1.4)
      tilt (~> 1.3, >= 1.3.4)
    sinatra-contrib (1.4.1)
      backports (>= 2.0)
      multi_json
      rack-protection
      rack-test
      sinatra (~> 1.4.0)
      tilt (~> 1.3)
    sinatra-twitter-bootstrap (2.3.3)
    slop (3.4.5)
    tilt (1.4.1)
    vcr (2.6.0)
    webmock (1.13.0)
      addressable (>= 2.2.7)
      crack (>= 0.3.2)
    xpath (2.0.0)
      nokogiri (~> 1.3)

PLATFORMS
  ruby

DEPENDENCIES
  capybara
  capybara-webkit
  capybara_minitest_spec
  chronic
  haml
  httparty
  kronic
  launchy
  minitest
  pry
  rack-test
  rake
  sinatra
  sinatra-contrib
  sinatra-twitter-bootstrap
  vcr
  webmock (< 1.14)
